GEM
  remote: https://rubygems.org/
  specs:
    dotenv (2.5.0)

PLATFORMS
  ruby

DEPENDENCIES
  dotenv (~> 2.5.0)

RUBY VERSION
   ruby 2.5.0p0

BUNDLED WITH
   1.16.4
